PATH
  remote: .
  specs:
    ruby-updater (0.0.1)
      console-style (~> 0.0.1)
      httparty (>= 0.20, < 0.22)

GEM
  remote: https://rubygems.org/
  specs:
    coderay (1.1.3)
    console-style (0.0.1)
    httparty (0.21.0)
      mini_mime (>= 1.0.0)
      multi_xml (>= 0.5.2)
    method_source (1.0.0)
    mini_mime (1.1.2)
    multi_xml (0.6.0)
    pry (0.14.1)
      coderay (~> 1.1)
      method_source (~> 1.0)

PLATFORMS
  arm64-darwin-20
  x86_64-linux

DEPENDENCIES
  pry (~> 0.14.1)
  ruby-updater!

BUNDLED WITH
   2.3.5
