PATH
  remote: .
  specs:
    ruby-updater (0.0.1)
      console-style (~> 0.0.1)
      httparty (~> 0.20.0)

GEM
  remote: https://rubygems.org/
  specs:
    coderay (1.1.3)
    console-style (0.0.1)
    httparty (0.20.0)
      mime-types (~> 3.0)
      multi_xml (>= 0.5.2)
    method_source (1.0.0)
    mime-types (3.4.1)
      mime-types-data (~> 3.2015)
    mime-types-data (3.2022.0105)
    multi_xml (0.6.0)
    pry (0.14.1)
      coderay (~> 1.1)
      method_source (~> 1.0)

PLATFORMS
  arm64-darwin-20

DEPENDENCIES
  pry (~> 0.14.1)
  ruby-updater!

BUNDLED WITH
   2.3.5
